PATH
  remote: .
  specs:
    gista (1.0.0)

GEM
  remote: http://rubygems.org/
  specs:
    diff-lcs (1.1.3)
    fakeweb (1.3.0)
    kramdown (0.14.0)
    rake (0.9.2.2)
    rspec (2.11.0)
      rspec-core (~> 2.11.0)
      rspec-expectations (~> 2.11.0)
      rspec-mocks (~> 2.11.0)
    rspec-core (2.11.1)
    rspec-expectations (2.11.3)
      diff-lcs (~> 1.1.3)
    rspec-mocks (2.11.3)
    yard (0.8.2.1)

PLATFORMS
  ruby

DEPENDENCIES
  fakeweb (~> 1.3)
  gista!
  kramdown
  rake (~> 0.9)
  rspec (~> 2.11)
  yard (~> 0.8)
